GEM
  remote: https://rubygems.org/
  specs:
    addressable (2.5.2)
      public_suffix (>= 2.0.2, < 4.0)
    ffi (1.9.23)
    jekyll-watch (2.0.0)
      listen (~> 3.0)
    listen (3.1.5)
      rb-fsevent (~> 0.9, >= 0.9.4)
      rb-inotify (~> 0.9, >= 0.9.7)
      ruby_dep (~> 1.2)
    multi_json (1.13.1)
    public_suffix (3.0.2)
    pygments.rb (1.2.1)
      multi_json (>= 1.0.0)
    rb-fsevent (0.10.3)
    rb-inotify (0.9.10)
      ffi (>= 0.5.0, < 2)
    redcarpet (3.4.0)
    ruby_dep (1.5.0)

PLATFORMS
  ruby

DEPENDENCIES
  addressable (~> 2.5, >= 2.5.2)
  jekyll-watch (~> 2.0)
  pygments.rb (~> 1.2, >= 1.2.1)
  redcarpet (~> 3.4)

BUNDLED WITH
   1.16.0.pre.3
